GEM
  remote: http://rubygems.org/
  specs:
    bcrypt-ruby (3.0.1)
    diff-lcs (1.1.3)
    grit (2.4.1)
      diff-lcs (~> 1.1)
      mime-types (~> 1.15)
    mime-types (1.17.2)
    rack (1.3.5)
    rack-protection (1.1.4)
      rack
    sass (3.1.11)
    sinatra (1.3.1)
      rack (~> 1.3, >= 1.3.4)
      rack-protection (~> 1.1, >= 1.1.2)
      tilt (~> 1.3, >= 1.3.3)
    tilt (1.3.3)

PLATFORMS
  ruby

DEPENDENCIES
  bcrypt-ruby
  grit
  sass
  sinatra
